GEM
  remote: http://rubygems.org/
  specs:
    abstract (1.0.0)
    git (1.2.5)
    hash-utils (0.15.0)
    jeweler (1.5.2)
      bundler (~> 1.0.0)
      git (>= 1.2.5)
      rake
    multitype-introspection (0.1.2)
    rake (0.9.0)
    types (0.1.3)
      abstract (>= 1.0.0)
      multitype-introspection (>= 0.1.0)

PLATFORMS
  ruby

DEPENDENCIES
  bundler (~> 1.0.0)
  hash-utils (>= 0.1.0)
  jeweler (~> 1.5.2)
  types (>= 0.1.0)
