GEM
  remote: http://rubygems.org/
  specs:
    abstract (1.0.0)
    git (1.2.5)
    hash-utils (2.0.0)
      ruby-version
    jeweler2 (2.0.9)
      git (>= 1.2.5)
    multitype-introspection (0.2.0)
      hash-utils (>= 0.16.0)
    ruby-version (0.3.1)
    types (0.1.3)
      abstract (>= 1.0.0)
      multitype-introspection (>= 0.1.0)

PLATFORMS
  ruby

DEPENDENCIES
  bundler (>= 1.0.0)
  hash-utils (>= 2.0.0)
  jeweler2 (>= 2.0.0)
  types (>= 0.1.0)
